PATH
  remote: .
  specs:
    ruby-livesync (1.0.0.beta2)
      activesupport
      pry
      rb-inotify
      rufus-scheduler

GEM
  remote: https://rubygems.org/
  specs:
    activesupport (7.1.3.2)
      base64
      bigdecimal
      concurrent-ruby (~> 1.0, >= 1.0.2)
      connection_pool (>= 2.2.5)
      drb
      i18n (>= 1.6, < 2)
      minitest (>= 5.1)
      mutex_m
      tzinfo (~> 2.0)
    base64 (0.2.0)
    bigdecimal (3.1.8)
    coderay (1.1.3)
    concurrent-ruby (1.2.3)
    connection_pool (2.4.1)
    drb (2.2.1)
    et-orbi (1.2.11)
      tzinfo
    ffi (1.16.3)
    fugit (1.11.0)
      et-orbi (~> 1, >= 1.2.11)
      raabro (~> 1.4)
    i18n (1.14.5)
      concurrent-ruby (~> 1.0)
    method_source (1.1.0)
    minitest (5.22.3)
    mutex_m (0.2.0)
    pry (0.14.2)
      coderay (~> 1.1)
      method_source (~> 1.0)
    raabro (1.4.0)
    rb-inotify (0.10.1)
      ffi (~> 1.0)
    rufus-scheduler (3.9.1)
      fugit (~> 1.1, >= 1.1.6)
    tzinfo (2.0.6)
      concurrent-ruby (~> 1.0)

PLATFORMS
  ruby
  x86_64-linux

DEPENDENCIES
  ruby-livesync!

RUBY VERSION
   ruby 3.3.0p0

BUNDLED WITH
   2.5.6
